PATH
  remote: .
  specs:
    nmax (1.0.0)

GEM
  remote: https://rubygems.org/
  specs:
    minitest (5.11.3)
    rake (12.3.1)

PLATFORMS
  ruby

DEPENDENCIES
  bundler (~> 1.16)
  minitest (~> 5.11)
  nmax!
  rake (~> 12.3)

BUNDLED WITH
   1.16.2
